GIT
  remote: git://github.com/livingsocial/rake-pipeline.git
  revision: 65b1e744defa208e313703d89f3453447cc103b2
  specs:
    rake-pipeline (0.8.0)
      json
      rake (~> 10.0.0)
      thor

GIT
  remote: git://github.com/radiumsoftware/hydrogen.git
  revision: 500130ac073b060277f12387f7b31d15ea3b7aba
  specs:
    hydrogen (0.0.1)
      thor

GIT
  remote: git://github.com/radiumsoftware/iridium.git
  revision: 25b27354077045f91512e1f0623a4710a17fd16d
  specs:
    iridium (0.9.0)
      activesupport
      barber (~> 0.4.2)
      coffee-script
      compass
      execjs
      grit
      handlebars-source (= 1.0.0rc3)
      less
      rack
      rack-rewrite
      rake-pipeline (~> 0.8.0)
      rake-pipeline-web-filters (= 0.7.0)
      sass
      thor
      uglifier (~> 1.2.3)
      yui-compressor

GEM
  remote: https://rubygems.org/
  specs:
    activesupport (4.0.0)
      i18n (~> 0.6, >= 0.6.4)
      minitest (~> 4.2)
      multi_json (~> 1.3)
      thread_safe (~> 0.1)
      tzinfo (~> 0.3.37)
    atomic (1.1.10)
    barber (0.4.2)
      ember-source
      execjs
      handlebars-source
    chunky_png (1.2.8)
    coffee-script (2.2.0)
      coffee-script-source
      execjs
    coffee-script-source (1.6.3)
    commonjs (0.2.6)
    compass (0.12.2)
      chunky_png (~> 1.2)
      fssm (>= 0.2.7)
      sass (~> 3.1)
    diff-lcs (1.2.4)
    ember-source (0.0.8)
      handlebars-source (>= 1.0.0.rc3, < 1.0.0.rc4)
    execjs (1.4.0)
      multi_json (~> 1.0)
    fssm (0.2.10)
    grit (2.5.0)
      diff-lcs (~> 1.1)
      mime-types (~> 1.15)
      posix-spawn (~> 0.3.6)
    handlebars-source (1.0.0.rc3)
    i18n (0.6.4)
    json (1.8.0)
    less (2.3.2)
      commonjs (~> 0.2.6)
    mime-types (1.23)
    minitest (4.7.5)
    multi_json (1.7.7)
    posix-spawn (0.3.6)
    rack (1.5.2)
    rack-rewrite (1.3.3)
    rake (10.0.4)
    rake-pipeline-web-filters (0.7.0)
      rack
      rake-pipeline (~> 0.6)
    sass (3.2.9)
    thor (0.18.1)
    thread_safe (0.1.0)
      atomic
    tzinfo (0.3.37)
    uglifier (1.2.7)
      execjs (>= 0.3.0)
      multi_json (~> 1.3)
    yui-compressor (0.11.0)

PLATFORMS
  ruby

DEPENDENCIES
  hydrogen!
  iridium!
  rake-pipeline!
